GEM
  remote: http://gemcutter.org/
  specs:
    activemodel (3.0.7)
      activesupport (= 3.0.7)
      builder (~> 2.1.2)
      i18n (~> 0.5.0)
    activesupport (3.0.7)
    awesome_print (0.4.0)
    bson (1.3.1)
    bson_ext (1.3.1)
    builder (2.1.2)
    chalofa_ruby-progressbar (0.0.9.1)
    coderay (0.9.8)
    configuration (1.2.0)
    crack (0.1.8)
    diff-lcs (1.1.2)
    fuubar (0.0.4)
      chalofa_ruby-progressbar (~> 0.0.9)
      rspec (~> 2.0)
      rspec-instafail (~> 0.1.4)
    haml (3.1.1)
    heroku (2.1.4)
      launchy (>= 0.3.2)
      rest-client (~> 1.6.1)
      term-ansicolor (~> 1.0.5)
    httpclient (2.2.0.2)
    i18n (0.5.0)
    launchy (0.4.0)
      configuration (>= 0.0.5)
      rake (>= 0.8.1)
    mime-types (1.16)
    mongo (1.3.1)
      bson (>= 1.3.1)
    mongo_mapper (0.9.1)
      activemodel (~> 3.0)
      activesupport (~> 3.0)
      plucky (~> 0.3.8)
    mongoid (2.0.2)
      activemodel (~> 3.0)
      mongo (~> 1.3)
      tzinfo (~> 0.3.22)
    plucky (0.3.8)
      mongo (~> 1.3)
    rack (1.2.2)
    rack-test (0.6.0)
      rack (>= 1.0)
    rake (0.9.0)
    rest-client (1.6.1)
      mime-types (>= 1.16)
    rspec (2.6.0)
      rspec-core (~> 2.6.0)
      rspec-expectations (~> 2.6.0)
      rspec-mocks (~> 2.6.0)
    rspec-core (2.6.2)
    rspec-expectations (2.6.0)
      diff-lcs (~> 1.1.2)
    rspec-instafail (0.1.7)
    rspec-mocks (2.6.0)
    sinatra (1.2.6)
      rack (~> 1.1)
      tilt (>= 1.2.2, < 2.0)
    term-ansicolor (1.0.5)
    tilt (1.3.1)
    tzinfo (0.3.27)

PLATFORMS
  ruby

DEPENDENCIES
  awesome_print (~> 0.4.0)
  bson_ext (~> 1.3.1)
  coderay (~> 0.9.3)
  crack (~> 0.1.8)
  fuubar (~> 0.0.4)
  haml (~> 3.1.1)
  heroku
  httpclient (~> 2.2.0.2)
  mongo (~> 1.3.1)
  mongo_mapper (~> 0.9.1)
  mongoid (~> 2.0.1)
  rack-test (~> 0.6.0)
  rspec (~> 2.6.0)
  sinatra (~> 1.2.6)
