GEM
  remote: http://gemcutter.org/
  specs:
    ZenTest (4.5.0)
    activemodel (3.0.7)
      activesupport (= 3.0.7)
      builder (~> 2.1.2)
      i18n (~> 0.5.0)
    activesupport (3.0.7)
    awesome_print (0.4.0)
    bson (1.3.1)
    builder (2.1.2)
    chalofa_ruby-progressbar (0.0.9.1)
    coderay (0.9.8)
    crack (0.1.8)
    diff-lcs (1.1.2)
    fuubar (0.0.4)
      chalofa_ruby-progressbar (~> 0.0.9)
      rspec (~> 2.0)
      rspec-instafail (~> 0.1.4)
    haml (3.1.1)
    httpclient (2.2.0.2)
    i18n (0.5.0)
    mongo (1.3.1)
      bson (>= 1.3.1)
    mongo_mapper (0.9.1)
      activemodel (~> 3.0)
      activesupport (~> 3.0)
      plucky (~> 0.3.8)
    mongoid (2.0.1)
      activemodel (~> 3.0)
      mongo (~> 1.3)
      tzinfo (~> 0.3.22)
      will_paginate (~> 3.0.pre)
    plucky (0.3.8)
      mongo (~> 1.3)
    rack (1.2.2)
    rack-test (0.6.0)
      rack (>= 1.0)
    rspec (2.6.0)
      rspec-core (~> 2.6.0)
      rspec-expectations (~> 2.6.0)
      rspec-mocks (~> 2.6.0)
    rspec-core (2.6.1)
    rspec-expectations (2.6.0)
      diff-lcs (~> 1.1.2)
    rspec-instafail (0.1.7)
    rspec-mocks (2.6.0)
    sinatra (1.2.6)
      rack (~> 1.1)
      tilt (>= 1.2.2, < 2.0)
    tilt (1.3)
    tzinfo (0.3.27)
    will_paginate (3.0.pre2)

PLATFORMS
  ruby

DEPENDENCIES
  ZenTest (~> 4.5.0)
  awesome_print (~> 0.4.0)
  coderay (~> 0.9.3)
  crack (~> 0.1.8)
  fuubar (~> 0.0.4)
  haml (~> 3.1.1)
  httpclient (~> 2.2.0.2)
  mongo (~> 1.3.1)
  mongo_mapper (~> 0.9.1)
  mongoid (~> 2.0.1)
  rack-test (~> 0.6.0)
  rspec (~> 2.6.0)
  sinatra (~> 1.2.6)
  tzinfo (~> 0.3.27)
