GEM
  remote: http://gemcutter.org/
  specs:
    activemodel (3.2.21)
      activesupport (= 3.2.21)
      builder (~> 3.0.0)
    activesupport (3.2.21)
      i18n (~> 0.6, >= 0.6.4)
      multi_json (~> 1.0)
    awesome_print (0.4.0)
    backports (3.6.4)
    bson (1.3.1)
    bson_ext (1.3.1)
    builder (3.0.4)
    coderay (0.9.8)
    crack (0.1.8)
    diff-lcs (1.1.3)
    haml (3.1.8)
    httpclient (2.2.0.2)
    i18n (0.7.0)
    mongo (1.3.1)
      bson (>= 1.3.1)
    mongo_mapper (0.9.2)
      activemodel (~> 3.0)
      activesupport (~> 3.0)
      plucky (~> 0.3.8)
    mongoid (2.0.2)
      activemodel (~> 3.0)
      mongo (~> 1.3)
      tzinfo (~> 0.3.22)
    multi_json (1.11.1)
    plucky (0.3.8)
      mongo (~> 1.3)
    rack (1.4.5)
    rack-test (0.6.3)
      rack (>= 1.0)
    rake (10.4.2)
    rspec (2.6.0)
      rspec-core (~> 2.6.0)
      rspec-expectations (~> 2.6.0)
      rspec-mocks (~> 2.6.0)
    rspec-core (2.6.4)
    rspec-expectations (2.6.0)
      diff-lcs (~> 1.1.2)
    rspec-mocks (2.6.0)
    sinatra (1.2.9)
      backports
      rack (~> 1.1, < 1.5)
      tilt (>= 1.2.2, < 2.0)
    tilt (1.4.1)
    tzinfo (0.3.44)

PLATFORMS
  ruby

DEPENDENCIES
  awesome_print (~> 0.4.0)
  bson (~> 1.3.1)
  bson_ext (~> 1.3.1)
  coderay (~> 0.9.3)
  crack (~> 0.1.8)
  haml (~> 3.1.1)
  httpclient (~> 2.2.0.2)
  mongo (~> 1.3.1)
  mongo_mapper (~> 0.9.1)
  mongoid (~> 2.0.1)
  rack-test (~> 0.6.0)
  rake
  rspec (~> 2.6.0)
  sinatra (~> 1.2.6)
