GEM
  remote: http://gemcutter.org/
  specs:
    backports (1.18.1)
    haml (3.0.17)
    monkey-lib (0.5.2)
      backports
    rack (1.2.1)
    sinatra (1.0)
      rack (>= 1.0)
    sinatra-advanced-routes (0.5.1)
      monkey-lib (~> 0.5.0)
      sinatra (~> 1.0)
      sinatra-sugar (~> 0.5.0)
    sinatra-reloader (0.5.0)
      sinatra (~> 1.0)
      sinatra-advanced-routes (~> 0.5.0)
    sinatra-sugar (0.5.0)
      monkey-lib (~> 0.5.0)
      sinatra (~> 1.0)

PLATFORMS
  ruby

DEPENDENCIES
  haml (= 3.0.17)
  sinatra (= 1.0)
  sinatra-reloader (= 0.5.0)
